GEM
  remote: http://rubygems.org/
  specs:
    RedCloth (4.2.9)
    RedCloth (4.2.9-x86-mingw32)
    addressable (2.3.2)
    albino (1.3.3)
      posix-spawn (>= 0.3.6)
    blankslate (2.1.2.4)
    chunky_png (1.2.5)
    classifier (1.3.3)
      fast-stemmer (>= 1.0.0)
    coffee-script (2.2.0)
      coffee-script-source
      execjs
    coffee-script-source (1.3.3)
    compass (0.12.2)
      chunky_png (~> 1.2)
      fssm (>= 0.2.7)
      sass (~> 3.1)
    directory_watcher (1.4.1)
    em-websocket (0.3.8)
      addressable (>= 2.1.1)
      eventmachine (>= 0.12.9)
    eventmachine (0.12.10)
    execjs (1.4.0)
      multi_json (~> 1.0)
    fast-stemmer (1.0.1)
    ffi (1.0.11)
    fssm (0.2.9)
    guard (1.2.3)
      listen (>= 0.4.2)
      thor (>= 0.14.6)
    guard-bundler (1.0.0)
      bundler (~> 1.0)
      guard (~> 1.1)
    guard-coffeescript (1.2.0)
      coffee-script (>= 2.2.0)
      guard (>= 1.1.0)
    guard-livereload (1.0.0)
      em-websocket (>= 0.2.0)
      guard (>= 1.1.0)
      multi_json (~> 1.0)
    haml (3.1.6)
    jekyll (0.11.2)
      albino (~> 1.3)
      classifier (~> 1.3)
      directory_watcher (~> 1.1)
      kramdown (~> 0.13)
      liquid (~> 2.3)
      maruku (~> 0.5)
    jsmin (1.0.1)
    kramdown (0.13.7)
    liquid (2.3.0)
    listen (0.4.7)
      rb-fchange (~> 0.0.5)
      rb-fsevent (~> 0.9.1)
      rb-inotify (~> 0.8.8)
    maruku (0.6.0)
      syntax (>= 1.0.0)
    multi_json (1.3.6)
    posix-spawn (0.3.6)
    pygments.rb (0.2.13)
      rubypython (~> 0.5.3)
    rack (1.4.1)
    rack-protection (1.2.0)
      rack
    rake (0.9.2.2)
    rake-minify (0.3.3)
      jsmin (~> 1.0.1)
      rake (>= 0.8.7)
    rb-fchange (0.0.5)
      ffi
    rb-fsevent (0.9.1)
    rb-inotify (0.8.8)
      ffi (>= 0.5.0)
    rdiscount (1.6.8)
    rubypants (0.2.0)
    rubypython (0.5.3)
      blankslate (>= 2.1.2.3)
      ffi (~> 1.0.7)
    sass (3.2.0.alpha.277)
    sinatra (1.3.2)
      rack (~> 1.3, >= 1.3.6)
      rack-protection (~> 1.2)
      tilt (~> 1.3, >= 1.3.3)
    stringex (1.4.0)
    syntax (1.0.0)
    thor (0.15.4)
    tilt (1.3.3)
    uglifier (1.2.6)
      execjs (>= 0.3.0)
      multi_json (~> 1.3)
    zurb-foundation (3.0.7)
      compass (>= 0.12.2)
      rake
      sass (>= 3.2.0.alpha.244)

PLATFORMS
  ruby
  x86-mingw32

DEPENDENCIES
  RedCloth (~> 4.2.9)
  coffee-script (~> 2.2.0)
  compass (~> 0.12.1)
  ffi (~> 1.0.11)
  guard (~> 1.2.3)
  guard-bundler (~> 1.0.0)
  guard-coffeescript (~> 1.2.0)
  guard-livereload (~> 1.0.0)
  haml (~> 3.1.6)
  jekyll (~> 0.11.2)
  liquid (~> 2.3.0)
  pygments.rb (~> 0.2.12)
  rack (~> 1.4.1)
  rake (~> 0.9.2)
  rake-minify
  rb-fsevent (~> 0.9)
  rdiscount (~> 1.6.8)
  rubypants (~> 0.2.0)
  sinatra (~> 1.3.2)
  stringex (~> 1.4.0)
  uglifier (~> 1.2.5)
  zurb-foundation (~> 3.0.6)
